GIT
  remote: https://github.com/blolol/hector-identity-blolol.git
  revision: 93496ae5ef7d0e1364200b1a4731cee134135e14
  tag: v1.0.0
  specs:
    hector-identity-blolol (1.0.0)
      excon (~> 0.37.0)
      hector (~> 1.0.9)

GIT
  remote: https://github.com/raws/hector-mercury.git
  revision: 3b553c36ca2f784bd525881148c72abcec7ad66b
  tag: v1.0.2
  specs:
    hector-mercury (1.0.2)
      activesupport (~> 5.0.1)
      aws-sdk (>= 1.52.0, < 2)
      hector (~> 1.0.9)

GEM
  remote: https://rubygems.org/
  specs:
    activesupport (5.0.7)
      concurrent-ruby (~> 1.0, >= 1.0.2)
      i18n (>= 0.7, < 2)
      minitest (~> 5.1)
      tzinfo (~> 1.1)
    aws-sdk (1.67.0)
      aws-sdk-v1 (= 1.67.0)
    aws-sdk-v1 (1.67.0)
      json (~> 1.4)
      nokogiri (~> 1)
    concurrent-ruby (1.0.5)
    eventmachine (1.2.7)
    excon (0.37.0)
    hector (1.0.9)
      eventmachine (>= 0.12.10)
    hector-jekyll (0.0.2)
      hector (>= 1.0.8)
    hector-secret-channels (1.0.1)
      hector (>= 1.0.4)
    i18n (1.0.1)
      concurrent-ruby (~> 1.0)
    json (1.8.6)
    mini_portile2 (2.3.0)
    minitest (5.11.3)
    nokogiri (1.8.4)
      mini_portile2 (~> 2.3.0)
    thread_safe (0.3.6)
    tzinfo (1.2.5)
      thread_safe (~> 0.1)

PLATFORMS
  ruby

DEPENDENCIES
  hector (= 1.0.9)
  hector-identity-blolol!
  hector-jekyll (= 0.0.2)
  hector-mercury!
  hector-secret-channels (= 1.0.1)

RUBY VERSION
   ruby 2.5.1p57

BUNDLED WITH
   1.16.1
